PATH
  remote: .
  specs:
    trendster (1.0.9)
      nokogiri

GEM
  remote: https://rubygems.org/
  specs:
    mini_portile2 (2.1.0)
    nokogiri (1.6.8.1)
      mini_portile2 (~> 2.1.0)
    rake (10.5.0)

PLATFORMS
  ruby

DEPENDENCIES
  bundler (~> 1.11)
  nokogiri (>= 1.6.7.rc)
  rake (~> 10.0)
  trendster!

BUNDLED WITH
   1.13.1
