PATH
  remote: .
  specs:
    trendster (0.1.0)

GEM
  remote: https://rubygems.org/
  specs:
    rake (10.4.2)

PLATFORMS
  ruby

DEPENDENCIES
  bundler (~> 1.11)
  rake (~> 10.0)
  trendster!

BUNDLED WITH
   1.11.2
